NUGET
  remote: http://api.nuget.org/v3/index.json
  specs:
    Argu (2.1.0)
    FParsec (1.0.2)
    FSharp.Compiler.Service (2.0.0.5)
    FSharp.Core (4.0.0.1)
    FSharpApiSearch (0.1.0-beta)
      FParsec
      FSharp.Compiler.Service
    Suave (1.1.1)
      FSharp.Core (>= 3.1.2.5)

GROUP Build
NUGET
  remote: http://api.nuget.org/v3/index.json
  specs:
    FAKE (4.20.0)
    FParsec (1.0.2)
    FSharp.Compiler.Service (2.0.0.5)
    FSharp.Formatting (2.14.0)
      FSharp.Compiler.Service (>= 2.0.0.3 < 2.1.0)
      FSharpVSPowerTools.Core (>= 2.3.0 < 2.4.0)
    FSharpVSPowerTools.Core (2.3.0)
      FSharp.Compiler.Service (>= 2.0.0.3)
    KuduSync.NET (1.3.0)
    Node.js (5.3.0)
    Npm.js (2.13.1)
      Node.js (>= 0.12.7)
GITHUB
  remote: hafuu/FSharpApiSearch
  specs:
    README.md (7acdbcf0b0a7f3331e00d8ebeea816dfab9492ea)
      FParsec
      FSharp.Compiler.Service